GEM
  remote: https://rubygems.org/
  specs:
    CFPropertyList (2.2.8)
    addressable (2.4.0)
    backports (3.6.8)
    diff-lcs (1.2.5)
    docile (1.1.5)
    domain_name (0.5.20160310)
      unf (>= 0.0.5, < 1.0.0)
    ethon (0.8.1)
      ffi (>= 1.3.0)
    facter (2.4.6)
      CFPropertyList (~> 2.2.6)
    facterdb (0.3.3)
      facter
      jgrep
    faraday (0.9.2)
      multipart-post (>= 1.2, < 3)
    faraday_middleware (0.10.0)
      faraday (>= 0.7.4, < 0.10)
    fast_gettext (1.1.2)
    ffi (1.9.10)
    gettext (3.2.9)
      locale (>= 2.0.5)
      text (>= 1.3.0)
    gettext-setup (0.34)
      fast_gettext (~> 1.1.0)
      gettext (>= 3.0.2, < 3.3.0)
      locale
    gh (0.14.0)
      addressable
      backports
      faraday (~> 0.8)
      multi_json (~> 1.0)
      net-http-persistent (>= 2.7)
      net-http-pipeline
    hiera (3.1.1)
      json_pure
    highline (1.7.8)
    http-cookie (1.0.2)
      domain_name (~> 0.5)
    jgrep (1.4.0)
      json
    json (1.8.3)
    json_pure (1.8.3)
    launchy (2.4.3)
      addressable (~> 2.3)
    locale (2.1.3)
    mcollective-client (2.8.4)
      json
      stomp
      systemu
    metaclass (0.0.4)
    metadata-json-lint (0.0.11)
      json
      spdx-licenses (~> 1.0)
    mime-types (2.99.1)
    mocha (1.1.0)
      metaclass (~> 0.0.1)
    multi_json (1.11.2)
    multipart-post (2.0.0)
    net-http-persistent (2.9.4)
    net-http-pipeline (1.0.1)
    netrc (0.11.0)
    puppet (4.10.12)
      facter (> 2.0, < 4)
      gettext-setup (>= 0.10, < 1)
      hiera (>= 2.0, < 4)
      json_pure (~> 1.8)
      locale (~> 2.1)
    puppet-blacksmith (3.3.1)
      puppet (>= 2.7.16)
      rest-client
    puppet-lint (1.1.0)
    puppet-lint-absolute_classname-check (0.1.3)
      puppet-lint (~> 1.0)
    puppet-lint-empty_string-check (0.2.1)
      puppet-lint (~> 1.0)
    puppet-lint-leading_zero-check (0.1.0)
      puppet-lint (~> 1.0)
    puppet-lint-numericvariable (1.0.0)
      puppet-lint (~> 1.0)
    puppet-lint-roles_and_profiles-check (0.1.0)
      puppet-lint (~> 1.0)
    puppet-lint-spaceship_operator_without_tag-check (0.1.0)
      puppet-lint (~> 1.0)
    puppet-lint-strict_indent-check (2.0.2)
      puppet-lint (> 1.0)
    puppet-lint-trailing_newline-check (1.0.0)
      puppet-lint (~> 1.0)
    puppet-lint-undef_in_function-check (0.1.0)
      puppet-lint (~> 1.0)
    puppet-lint-unquoted_string-check (0.2.5)
      puppet-lint (~> 1.0)
    puppet-lint-variable_contains_upcase (1.0.0)
      puppet-lint (~> 1.0)
    puppet-syntax (2.1.0)
      rake
    puppetlabs_spec_helper (1.1.1)
      mocha
      puppet-lint
      puppet-syntax
      rake
      rspec-puppet
    pusher-client (0.6.2)
      json
      websocket (~> 1.0)
    rake (11.1.2)
    rest-client (1.8.0)
      http-cookie (>= 1.0.2, < 2.0)
      mime-types (>= 1.16, < 3.0)
      netrc (~> 0.7)
    rspec (3.4.0)
      rspec-core (~> 3.4.0)
      rspec-expectations (~> 3.4.0)
      rspec-mocks (~> 3.4.0)
    rspec-core (3.4.4)
      rspec-support (~> 3.4.0)
    rspec-expectations (3.4.0)
      diff-lcs (>= 1.2.0, < 2.0)
      rspec-support (~> 3.4.0)
    rspec-mocks (3.4.1)
      diff-lcs (>= 1.2.0, < 2.0)
      rspec-support (~> 3.4.0)
    rspec-puppet (2.4.0)
      rspec
    rspec-puppet-facts (1.5.0)
      facter
      facterdb (>= 0.3.0)
      json
      mcollective-client
      puppet
    rspec-support (3.4.1)
    simplecov (0.11.2)
      docile (~> 1.1.0)
      json (~> 1.8)
      simplecov-html (~> 0.10.0)
    simplecov-html (0.10.0)
    spdx-licenses (1.0.0)
      json
    stomp (1.3.5)
    systemu (2.6.5)
    text (1.3.1)
    travis (1.8.2)
      backports
      faraday (~> 0.9)
      faraday_middleware (~> 0.9, >= 0.9.1)
      gh (~> 0.13)
      highline (~> 1.6)
      launchy (~> 2.1)
      pusher-client (~> 0.4)
      typhoeus (~> 0.6, >= 0.6.8)
    travis-lint (2.0.0)
      json
    typhoeus (0.8.0)
      ethon (>= 0.8.0)
    unf (0.1.4)
      unf_ext
    unf_ext (0.0.7.2)
    websocket (1.2.3)

PLATFORMS
  ruby

DEPENDENCIES
  facter
  hiera
  json (= 1.8.3)
  json_pure (< 2.0.0)
  metadata-json-lint
  puppet
  puppet-blacksmith
  puppet-lint
  puppet-lint-absolute_classname-check
  puppet-lint-empty_string-check
  puppet-lint-leading_zero-check
  puppet-lint-numericvariable
  puppet-lint-roles_and_profiles-check
  puppet-lint-spaceship_operator_without_tag-check
  puppet-lint-strict_indent-check
  puppet-lint-trailing_newline-check
  puppet-lint-undef_in_function-check
  puppet-lint-unquoted_string-check
  puppet-lint-variable_contains_upcase
  puppet-syntax
  puppetlabs_spec_helper
  rspec-core
  rspec-puppet
  rspec-puppet-facts
  simplecov
  travis
  travis-lint

BUNDLED WITH
   1.11.2
